PATH
  remote: .
  specs:
    lizarb (1.0.5)
      diff-lcs (~> 1.5)
      dotenv (~> 2.8)
      pry (~> 0.14)
      tty-prompt (~> 0.23)
      zeitwerk (~> 2.6)

GEM
  remote: https://rubygems.org/
  specs:
    agoo (2.15.8)
    array_include_methods (1.5.1)
    async (2.8.0)
      console (~> 1.10)
      fiber-annotation
      io-event (~> 1.1)
      timers (~> 4.1)
    async-container (0.16.12)
      async
      async-io
    async-http (0.61.0)
      async (>= 1.25)
      async-io (>= 1.28)
      async-pool (>= 0.2)
      protocol-http (~> 0.25.0)
      protocol-http1 (~> 0.16.0)
      protocol-http2 (~> 0.15.0)
      traces (>= 0.10.0)
    async-http-cache (0.4.3)
      async-http (~> 0.56)
    async-io (1.38.1)
      async
    async-pool (0.4.0)
      async (>= 1.25)
    awesome_print (1.9.2)
    bson (4.15.0)
    build-environment (1.13.0)
    chunky_png (1.4.0)
    coderay (1.1.3)
    coffee-script (2.4.1)
      coffee-script-source
      execjs
    coffee-script-source (1.12.2)
    color (1.8)
    commonmarker (0.23.10)
    connection_pool (2.4.1)
    console (1.23.3)
      fiber-annotation
      fiber-local
    daemons (1.4.1)
    diff-lcs (1.5.0)
    dotenv (2.8.1)
    equalizer (0.0.11)
    eventmachine (1.2.7)
    execjs (2.9.1)
    facets (3.1.0)
    falcon (0.42.3)
      async
      async-container (~> 0.16.0)
      async-http (~> 0.57)
      async-http-cache (~> 0.4.0)
      async-io (~> 1.22)
      build-environment (~> 1.13)
      bundler
      localhost (~> 1.1)
      openssl (~> 3.0)
      process-metrics (~> 0.2.0)
      protocol-rack (~> 0.1)
      samovar (~> 2.1)
    ffi (1.16.3)
    fiber-annotation (0.2.0)
    fiber-local (1.0.0)
    glimmer (2.7.7)
      array_include_methods (>= 1.4.0, < 1.6.0)
      facets (>= 3.1.0, < 4.0.0)
    glimmer-dsl-libui (0.11.8)
      chunky_png (~> 1.4.0)
      color (~> 1.8)
      equalizer (= 0.0.11)
      glimmer (~> 2.7.4)
      libui (= 0.1.2.pre)
      os (>= 1.0.0, < 2.0.0)
      perfect-shape (~> 1.0.8)
      puts_debuggerer (>= 0.13.5, < 2.0.0)
      rake (>= 10.1.0, < 14.0.0)
      rake-tui (>= 0.2.3, < 2.0.0)
      rouge (>= 3.26.0, < 4.0.0)
      super_module (~> 1.4.1)
      text-table (>= 1.2.4, < 2.0.0)
    haml (6.3.0)
      temple (>= 0.8.2)
      thor
      tilt
    htmlbeautifier (1.4.2)
    io-event (1.4.2)
    iodine (0.7.57)
    libui (0.1.2.pre)
    libui (0.1.2.pre-arm64-darwin)
    libui (0.1.2.pre-x86_64-darwin)
    localhost (1.1.10)
    mapping (1.1.1)
    matrix (0.4.2)
    method_source (1.0.0)
    mongo (2.19.3)
      bson (>= 4.14.1, < 5.0.0)
    mysql2 (0.5.5)
    nio4r (2.7.0)
    nori (2.6.0)
    openssl (3.2.0)
    os (1.1.4)
    pastel (0.8.0)
      tty-color (~> 0.5)
    perfect-shape (1.0.8)
      equalizer (>= 0.0.11, < 1.1.0)
      matrix (>= 0.4.2, < 1.1.0)
    pg (1.5.4)
    process-metrics (0.2.1)
      console (~> 1.8)
      samovar (~> 2.1)
    protocol-hpack (1.4.2)
    protocol-http (0.25.0)
    protocol-http1 (0.16.1)
      protocol-http (~> 0.22)
    protocol-http2 (0.15.1)
      protocol-hpack (~> 1.4)
      protocol-http (~> 0.18)
    protocol-rack (0.4.1)
      protocol-http (~> 0.23)
      rack (>= 1.0)
    pry (0.14.2)
      coderay (~> 1.1)
      method_source (~> 1.0)
    puma (6.4.2)
      nio4r (~> 2.0)
    puts_debuggerer (0.13.5)
      awesome_print (~> 1.9.2)
    rack (3.0.8)
    rackup (0.2.3)
      rack (>= 3.0.0.beta1)
      webrick
    rake (13.1.0)
    rake-tui (0.2.3)
      tty-prompt
    redis (5.0.8)
      redis-client (>= 0.17.0)
    redis-client (0.19.1)
      connection_pool
    rexml (3.2.6)
    rouge (3.30.0)
    samovar (2.2.0)
      console (~> 1.0)
      mapping (~> 1.0)
    sassc (2.4.0)
      ffi (~> 1.9)
    sqlite3 (1.7.0-aarch64-linux)
    sqlite3 (1.7.0-arm-linux)
    sqlite3 (1.7.0-arm64-darwin)
    sqlite3 (1.7.0-x86-linux)
    sqlite3 (1.7.0-x86_64-darwin)
    sqlite3 (1.7.0-x86_64-linux)
    super_module (1.4.1)
      method_source (>= 0.8.2, < 1.1.0)
    temple (0.10.3)
    text-table (1.2.4)
    thin (1.6.2)
      daemons (>= 1.0.9)
      eventmachine (>= 1.0.0)
      rack (>= 1.0.0)
    thor (1.3.0)
    tilt (2.3.0)
    timers (4.3.5)
    traces (0.11.1)
    tty-color (0.6.0)
    tty-cursor (0.7.1)
    tty-prompt (0.23.1)
      pastel (~> 0.8)
      tty-reader (~> 0.8)
    tty-reader (0.9.0)
      tty-cursor (~> 0.7)
      tty-screen (~> 0.8)
      wisper (~> 2.0)
    tty-screen (0.8.2)
    webrick (1.8.1)
    wisper (2.0.1)
    zeitwerk (2.6.12)

PLATFORMS
  aarch64-linux
  arm-linux
  arm64-darwin
  x86-linux
  x86_64-darwin
  x86_64-linux

DEPENDENCIES
  agoo (~> 2.15)
  coffee-script (~> 2.4)
  commonmarker (~> 0.23)
  falcon (~> 0.42)
  glimmer-dsl-libui (~> 0.11)
  haml (~> 6.1)
  htmlbeautifier (~> 1.4)
  iodine (~> 0.7)
  lizarb!
  mongo (~> 2.19)
  mysql2 (~> 0.5)
  nori (~> 2.6)
  pg (~> 1.5)
  puma (~> 6.3)
  rack (~> 3.0)
  rackup (~> 0.2)
  rake (~> 13.0)
  redis (~> 5.0)
  rexml (~> 3.2)
  sassc (~> 2.4)
  sqlite3 (~> 1.5)
  thin (~> 1.6)

BUNDLED WITH
   2.5.4
