PATH
  remote: .
  specs:
    lizarb (0)
      colorize (~> 0.8)
      dotenv (~> 2.8)
      zeitwerk (~> 2.6)

GEM
  remote: https://rubygems.org/
  specs:
    colorize (0.8.1)
    connection_pool (2.3.0)
    dotenv (2.8.1)
    rake (13.0.6)
    redis (5.0.5)
      redis-client (>= 0.9.0)
    redis-client (0.10.0)
      connection_pool
    sqlite3 (1.5.2-x86_64-linux)
    zeitwerk (2.6.1)

PLATFORMS
  x86_64-linux

DEPENDENCIES
  lizarb!
  rake (~> 13.0)
  redis (~> 5.0)
  sqlite3 (~> 1.5)

BUNDLED WITH
   2.3.22
