PATH
  remote: .
  specs:
    lizarb (0)
      colorize (~> 0.8)
      dotenv (~> 2.8)
      zeitwerk (~> 2.6)

GEM
  remote: https://rubygems.org/
  specs:
    colorize (0.8.1)
    dotenv (2.8.1)
    rake (13.0.6)
    zeitwerk (2.6.1)

PLATFORMS
  x86_64-linux

DEPENDENCIES
  lizarb!
  rake (~> 13.0)

BUNDLED WITH
   2.3.22
