PATH
  remote: .
  specs:
    lizarb (1.0.1)
      colorize (~> 0.8)
      dotenv (~> 2.8)
      zeitwerk (~> 2.6)

GEM
  remote: https://rubygems.org/
  specs:
    coderay (1.1.3)
    colorize (0.8.1)
    connection_pool (2.3.0)
    dotenv (2.8.1)
    method_source (1.0.0)
    nio4r (2.5.8)
    pry (0.14.1)
      coderay (~> 1.1)
      method_source (~> 1.0)
    puma (5.6.5)
      nio4r (~> 2.0)
    rack (3.0.0)
    rackup (0.2.2)
      rack (>= 3.0.0.beta1)
      webrick
    rake (13.0.6)
    redis (5.0.5)
      redis-client (>= 0.9.0)
    redis-client (0.10.0)
      connection_pool
    sqlite3 (1.5.3-arm64-darwin)
    sqlite3 (1.5.3-x86_64-linux)
    webrick (1.7.0)
    zeitwerk (2.6.1)

PLATFORMS
  arm64-darwin-21
  x86_64-linux

DEPENDENCIES
  lizarb!
  pry (~> 0.14.1)
  puma (~> 5.6)
  rack (~> 3.0)
  rackup (~> 0.2.2)
  rake (~> 13.0)
  redis (~> 5.0)
  sqlite3 (~> 1.5)

BUNDLED WITH
   2.3.22
